GEM
  remote: http://rubygems.org/
  specs:
    RedCloth (4.2.9)
    activesupport (3.2.17)
      i18n (~> 0.6, >= 0.6.4)
      multi_json (~> 1.0)
    asciidoctor (0.1.4)
    backports (3.6.0)
    binding_of_caller (0.7.2)
      debug_inspector (>= 0.0.1)
    builder (3.2.2)
    celluloid (0.15.2)
      timers (~> 1.1.0)
    celluloid-io (0.15.0)
      celluloid (>= 0.15.0)
      nio4r (>= 0.5.0)
    coderay (1.1.0)
    creole (0.5.0)
    debug_inspector (0.0.2)
    erubis (2.7.0)
    expression_parser (0.9.0)
    ffi (1.9.3)
    haml (4.0.5)
      tilt
    i18n (0.6.9)
    json (1.8.1)
    liquid (2.6.1)
    listen (2.7.1)
      celluloid (>= 0.15.2)
      celluloid-io (>= 0.15.0)
      rb-fsevent (>= 0.9.3)
      rb-inotify (>= 0.9)
    method_source (0.8.2)
    minitest (5.3.1)
    multi_json (1.9.0)
    nio4r (1.0.0)
    pry (0.9.12.6)
      coderay (~> 1.0)
      method_source (~> 0.8)
      slop (~> 3.4)
    pry-stack_explorer (0.4.9.1)
      binding_of_caller (>= 0.7)
      pry (>= 0.9.11)
    rack (1.5.2)
    rack-protection (1.5.2)
      rack
    rack-test (0.6.2)
      rack (>= 1.0)
    radius (0.7.4)
    rake (10.1.1)
    rb-fsevent (0.9.4)
    rb-inotify (0.9.3)
      ffi (>= 0.5.0)
    rdoc (4.1.1)
      json (~> 1.4)
    redcarpet (3.1.1)
    rerun (0.9.0)
      listen (~> 2.7)
    rinku (1.7.3)
    shotgun (0.9)
      rack (>= 1.0)
    sinatra (1.4.4)
      rack (~> 1.4)
      rack-protection (~> 1.4)
      tilt (~> 1.3, >= 1.3.4)
    sinatra-contrib (1.4.2)
      backports (>= 2.0)
      multi_json
      rack-protection
      rack-test
      sinatra (~> 1.4.0)
      tilt (~> 1.3)
    slim (2.0.2)
      temple (~> 0.6.6)
      tilt (>= 1.3.3, < 2.1)
    slop (3.5.0)
    temple (0.6.7)
    tilt (1.4.1)
    timers (1.1.0)
    unindent (1.0)
    wikicloth (0.8.1)
      builder
      expression_parser
      rinku
    yard (0.8.7.3)

PLATFORMS
  ruby

DEPENDENCIES
  RedCloth
  activesupport (~> 3.2.0)
  asciidoctor
  builder
  creole
  erubis
  haml
  liquid
  minitest
  pry
  pry-stack_explorer
  radius
  rake
  rb-fsevent (~> 0.9.0)
  rdoc
  redcarpet
  rerun
  shotgun
  sinatra (~> 1.0)
  sinatra-contrib (~> 1.0)
  slim
  tilt
  unindent
  wikicloth
  yard
