GEM
  remote: http://rubygems.org/
  remote: http://rubygems.org/
  specs:
    RedCloth (4.2.9)
    activemodel (3.2.2)
      activesupport (= 3.2.2)
      builder (~> 3.0.0)
    activerecord (3.2.2)
      activemodel (= 3.2.2)
      activesupport (= 3.2.2)
      arel (~> 3.0.2)
      tzinfo (~> 0.3.29)
    activesupport (3.2.2)
      i18n (~> 0.6)
      multi_json (~> 1.0)
    arel (3.0.2)
    backports (2.3.0)
    binding_of_caller (0.6.8)
    builder (3.0.0)
    coderay (1.0.8)
    eventmachine (0.12.10)
    haml (3.1.7)
    i18n (0.6.0)
    json (1.7.6)
    method_source (0.8.1)
    minitest (4.5.0)
    multi_json (1.1.0)
    pry (0.9.10)
      coderay (~> 1.0.5)
      method_source (~> 0.8)
      slop (~> 3.3.1)
    pry-stack_explorer (0.4.7)
      binding_of_caller (~> 0.6.8)
    rack (1.4.1)
    rack-protection (1.2.0)
      rack
    rack-test (0.6.1)
      rack (>= 1.0)
    rake (10.0.3)
    rdoc (3.12)
      json (~> 1.4)
    redcarpet (2.1.1)
    sass (3.2.5)
    shotgun (0.9)
      rack (>= 1.0)
    sinatra (1.3.2)
      rack (~> 1.3, >= 1.3.6)
      rack-protection (~> 1.2)
      tilt (~> 1.3, >= 1.3.3)
    sinatra-contrib (1.3.1)
      backports (>= 2.0)
      eventmachine
      rack-protection
      rack-test
      sinatra (~> 1.3.0)
      tilt (~> 1.3)
    slop (3.3.3)
    sqlite3 (1.3.5)
    tilt (1.3.3)
    tzinfo (0.3.32)
    warden (1.1.1)
      rack (>= 1.0)

PLATFORMS
  ruby

DEPENDENCIES
  RedCloth
  activerecord (~> 3.2.0)
  activesupport (~> 3.2.0)
  haml
  minitest
  pry (= 0.9.10)
  pry-stack_explorer
  rake
  rdoc
  redcarpet
  sass
  shotgun
  sinatra (~> 1.3)
  sinatra-contrib (~> 1.3)
  sqlite3
  tilt
  warden (~> 1.1)
